GEM
  remote: https://rubygems.org/
  specs:
    chunky_png (1.4.0)

PLATFORMS
  ruby
  x86_64-linux

DEPENDENCIES
  chunky_png (~> 1.4)

RUBY VERSION
   ruby 3.3.3p89

BUNDLED WITH
   2.5.18
